GEM
  remote: https://rubygems.org/
  specs:
    colorator (0.1)
    ffi (1.9.10)
    jekyll (3.1.0)
      colorator (~> 0.1)
      jekyll-sass-converter (~> 1.0)
      jekyll-watch (~> 1.1)
      kramdown (~> 1.3)
      liquid (~> 3.0)
      mercenary (~> 0.3.3)
      rouge (~> 1.7)
      safe_yaml (~> 1.0)
    jekyll-lunr-js-search (3.0.0)
      json (~> 1.8)
      nokogiri (~> 1.6)
      therubyracer (~> 0.12)
    jekyll-sass-converter (1.4.0)
      sass (~> 3.4)
    jekyll-watch (1.3.1)
      listen (~> 3.0)
    json (1.8.3)
    kramdown (1.9.0)
    libv8 (3.16.14.13)
    liquid (3.0.6)
    listen (3.0.5)
      rb-fsevent (>= 0.9.3)
      rb-inotify (>= 0.9)
    mercenary (0.3.5)
    mini_portile2 (2.0.0)
    nokogiri (1.6.7.2)
      mini_portile2 (~> 2.0.0.rc2)
    rack (1.6.4)
    rack-jekyll (0.4.5)
      jekyll (>= 1.3)
      listen (>= 1.3)
      rack (~> 1.5)
    rb-fsevent (0.9.7)
    rb-inotify (0.9.5)
      ffi (>= 0.5.0)
    ref (2.0.0)
    rouge (1.10.1)
    safe_yaml (1.0.4)
    sass (3.4.21)
    therubyracer (0.12.2)
      libv8 (~> 3.16.14.0)
      ref

PLATFORMS
  ruby

DEPENDENCIES
  bundler (~> 1.11.2)
  jekyll (~> 3.1.0)
  jekyll-lunr-js-search (~> 3.0.0)
  kramdown (~> 1.9.0)
  nokogiri (~> 1.6.7.2)
  rack-jekyll (~> 0.4.5)

BUNDLED WITH
   1.11.2
